PATH
  remote: /Volumes/RubyProjects/Campo
  specs:
    campo (0.6.14b)
      haml (~> 3.1.1)

GEM
  remote: http://rubygems.org/
  specs:
    coffee-script (2.2.0)
      coffee-script-source
      execjs
    coffee-script-source (1.2.0)
    execjs (1.3.0)
      multi_json (~> 1.0)
    ffi (1.0.11)
    growl (1.0.3)
    guard (1.0.0)
      ffi (>= 0.5.0)
      thor (~> 0.14.6)
    guard-coffeescript (0.5.4)
      coffee-script (>= 2.2.0)
      guard (>= 0.8.3)
    haml (3.1.4)
    json (1.6.5)
    multi_json (1.1.0)
    rack (1.4.1)
    rack-protection (1.2.0)
      rack
    rb-fsevent (0.9.0)
    rdiscount (1.6.8)
    reek (1.2.8)
      ruby2ruby (~> 1.2)
      ruby_parser (~> 2.0)
      sexp_processor (~> 3.0)
    ruby2ruby (1.3.1)
      ruby_parser (~> 2.0)
      sexp_processor (~> 3.0)
    ruby_parser (2.3.1)
      sexp_processor (~> 3.0)
    sass (3.1.15)
    sexp_processor (3.0.10)
    sinatra (1.3.1)
      rack (~> 1.3, >= 1.3.4)
      rack-protection (~> 1.1, >= 1.1.2)
      tilt (~> 1.3, >= 1.3.3)
    sinatra-partial (0.1.1)
      sinatra
    thor (0.14.6)
    tilt (1.3.3)
    wirble (0.1.3)

PLATFORMS
  ruby

DEPENDENCIES
  campo!
  coffee-script
  growl
  guard
  guard-coffeescript
  haml (~> 3.1)
  json
  rb-fsevent
  rdiscount (~> 1.6.8)
  reek (~> 1.2)
  sass
  sinatra (= 1.3.1)
  sinatra-partial (= 0.1.1)
  wirble
